GEM
  remote: https://rubygems.org/
  specs:
    bugsnag (6.12.2)
      concurrent-ruby (~> 1.0)
    coffee-script (2.2.0)
      coffee-script-source
      execjs
    coffee-script-source (1.12.2)
    concurrent-ruby (1.1.5)
    execjs (2.7.0)
    hike (1.2.3)
    multi_json (1.14.1)
    rack (1.6.12)
    rack-protection (1.5.5)
      rack
    sass (3.1.21)
    sinatra (1.4.8)
      rack (~> 1.5)
      rack-protection (~> 1.4)
      tilt (>= 1.3, < 3)
    sprockets (2.0.5)
      hike (~> 1.2)
      rack (~> 1.0)
      tilt (~> 1.1, != 1.3.0)
    sprockets-helpers (0.2.1)
      sprockets (~> 2.0)
    sprockets-sass (0.5.1)
      sprockets (~> 2.0)
      tilt (~> 1.1)
    tilt (1.4.1)
    uglifier (1.0.4)
      execjs (>= 0.3.0)
      multi_json (>= 1.0.2)

PLATFORMS
  ruby

DEPENDENCIES
  bugsnag (~> 6.12)
  coffee-script (~> 2.2.0)
  sass (~> 3.1.10)
  sinatra
  sprockets (~> 2.0.2)
  sprockets-helpers (~> 0.2.1)
  sprockets-sass (~> 0.5.0)
  uglifier (~> 1.0.3)

BUNDLED WITH
   1.17.1
